GEM
  remote: https://rubygems.org/
  specs:
    activesupport (4.0.0)
      i18n (~> 0.6, >= 0.6.4)
      minitest (~> 4.2)
      multi_json (~> 1.3)
      thread_safe (~> 0.1)
      tzinfo (~> 0.3.37)
    atomic (1.1.10)
    clockwork (0.5.3)
      activesupport (~> 4.0.0)
      tzinfo (~> 0.3.35)
    i18n (0.6.4)
    json (1.8.0)
    mime-types (1.25)
    minitest (4.7.5)
    multi_json (1.7.7)
    rest-client (1.6.7)
      mime-types (>= 1.16)
    ruby-hmac (0.4.0)
    thread_safe (0.1.0)
      atomic
    tzinfo (0.3.37)
    waz-storage (1.3.6)
      rest-client
      ruby-hmac

PLATFORMS
  ruby

DEPENDENCIES
  clockwork
  json
  waz-storage
